RESTRICTION: == net461
NUGET
  remote: https://api.nuget.org/v3/index.json
    FAKE (4.64.11)
    FSharp.Core (4.2.3)
    Microsoft.CodeCoverage (1.0.3)
    Microsoft.NET.Test.Sdk (15.6.1)
      Microsoft.CodeCoverage (>= 1.0.3)
    Newtonsoft.Json (11.0.1)
    NUnit (3.10.1)
    NUnit3TestAdapter (3.10)
    YamlDotNet (4.3.1)
GITHUB
  remote: fsprojects/FSharp.TypeProviders.SDK
    src/ProvidedTypes.fs (f0c4a6300db313eb2616c4f792cd6ae68c255e56)
    src/ProvidedTypes.fsi (f0c4a6300db313eb2616c4f792cd6ae68c255e56)